GEM
  remote: http://rubygems.org/
  specs:
    diff-lcs (1.1.3)
    hoe (3.0.3)
      rake (~> 0.8)
    json (1.6.6)
    multi_json (1.3.2)
    rake (0.9.2.2)
    rdoc (3.12)
      json (~> 1.4)
    rspec (2.9.0)
      rspec-core (~> 2.9.0)
      rspec-expectations (~> 2.9.0)
      rspec-mocks (~> 2.9.0)
    rspec-core (2.9.0)
    rspec-expectations (2.9.1)
      diff-lcs (~> 1.1.3)
    rspec-mocks (2.9.0)
    simplecov (0.6.1)
      multi_json (~> 1.0)
      simplecov-html (~> 0.5.3)
    simplecov-html (0.5.3)

PLATFORMS
  ruby

DEPENDENCIES
  hoe
  rake
  rdoc
  rspec
  simplecov
